GEM
  remote: http://rubygems.org/
  specs:
    dbd-mysql (0.4.4)
      dbi (>= 0.4.0)
      mysql
    dbi (0.4.5)
      deprecated (= 2.0.1)
    deprecated (2.0.1)
    erubis (2.7.0)
    mysql (2.9.1)
    rack (1.5.2)
    surfer (0.0.1)
      dbd-mysql
      dbi
      erubis
      mysql
      rack

PLATFORMS
  ruby

DEPENDENCIES
  surfer
