GEM
  remote: http://rubygems.org/
  specs:
    erubis (2.7.0)
    rack (1.5.2)
    surfer (0.0.1)
      erubis
      rack

PLATFORMS
  ruby

DEPENDENCIES
  surfer
